PATH
  remote: .
  specs:
    method_cache (0.7.1)
      memcache (>= 1.0.0)

GEM
  remote: http://www.rubygems.org/
  specs:
    activesupport (3.2.13)
      i18n (= 0.6.1)
      multi_json (~> 1.0)
    bourne (1.4.0)
      mocha (~> 0.13.2)
    dalli (2.6.2)
    i18n (0.6.1)
    memcache (1.2.13)
    metaclass (0.0.1)
    mocha (0.13.3)
      metaclass (~> 0.0.1)
    multi_json (1.7.2)
    rake (10.0.4)
    shoulda (3.4.0)
      shoulda-context (~> 1.0, >= 1.0.1)
      shoulda-matchers (~> 1.0, >= 1.4.1)
    shoulda-context (1.1.1)
    shoulda-matchers (1.5.6)
      activesupport (>= 3.0.0)
      bourne (~> 1.3)

PLATFORMS
  ruby

DEPENDENCIES
  dalli
  method_cache!
  mocha
  rake
  shoulda
